GIT
  remote: https://github.com/flori/json
  revision: 75ada77b9664c1d1f0ae6e210f8db4919849561e
  specs:
    json (2.6.1)

GEM
  remote: https://rubygems.org/
  specs:
    awesome_print (1.9.2)
    coderay (1.1.3)
    docker-api (2.2.0)
      excon (>= 0.47.0)
      multi_json
    excon (0.90.0)
    faraday (2.1.0)
      faraday-net_http (~> 2.0)
      ruby2_keywords (>= 0.0.4)
    faraday-net_http (2.0.1)
    fileutils (1.6.0)
    highline (2.0.3)
    multi_json (1.15.0)
    optimist (3.0.1)
    paint (2.2.1)
    ruby-progressbar (1.11.0)
    ruby2_keywords (0.0.5)

PLATFORMS
  x86_64-darwin-21

DEPENDENCIES
  awesome_print
  coderay
  docker-api
  faraday
  fileutils
  highline
  json!
  optimist
  paint
  ruby-progressbar

BUNDLED WITH
   2.3.4
