GIT
  remote: https://github.com/flori/json
  revision: 75ada77b9664c1d1f0ae6e210f8db4919849561e
  specs:
    json (2.6.1)

GEM
  remote: https://rubygems.org/
  specs:
    awesome_print (1.9.2)
    docker-api (2.2.0)
      excon (>= 0.47.0)
      multi_json
    excon (0.89.0)
    faraday (1.8.0)
      faraday-em_http (~> 1.0)
      faraday-em_synchrony (~> 1.0)
      faraday-excon (~> 1.1)
      faraday-httpclient (~> 1.0.1)
      faraday-net_http (~> 1.0)
      faraday-net_http_persistent (~> 1.1)
      faraday-patron (~> 1.0)
      faraday-rack (~> 1.0)
      multipart-post (>= 1.2, < 3)
      ruby2_keywords (>= 0.0.4)
    faraday-em_http (1.0.0)
    faraday-em_synchrony (1.0.0)
    faraday-excon (1.1.0)
    faraday-httpclient (1.0.1)
    faraday-net_http (1.0.1)
    faraday-net_http_persistent (1.2.0)
    faraday-patron (1.0.0)
    faraday-rack (1.0.0)
    fileutils (1.6.0)
    highline (2.0.3)
    multi_json (1.15.0)
    multipart-post (2.1.1)
    optimist (3.0.1)
    paint (2.2.1)
    ruby-progressbar (1.11.0)
    ruby2_keywords (0.0.5)

PLATFORMS
  x86_64-darwin-21

DEPENDENCIES
  awesome_print
  docker-api
  faraday
  fileutils
  highline
  json!
  optimist
  paint
  ruby-progressbar

BUNDLED WITH
   2.2.32
